GEM
  remote: https://rubygems.org/
  specs:
    httparty (0.20.0)
      mime-types (~> 3.0)
      multi_xml (>= 0.5.2)
    mime-types (3.3.1)
      mime-types-data (~> 3.2015)
    mime-types-data (3.2021.0901)
    multi_xml (0.6.0)
    optparse (0.1.1)
    thor (0.19.4)

PLATFORMS
  ruby

DEPENDENCIES
  httparty
  optparse
  thor (~> 0.19.1)

BUNDLED WITH
   1.17.2
